GEM
  remote: https://rubygems.org/
  specs:
    backports (3.8.0)
    multi_json (1.12.1)
    mustermann (1.0.0)
    pg (0.20.0)
    puma (3.7.1)
    rack (2.0.2)
    rack-protection (2.0.0)
      rack
    sinatra (2.0.0)
      mustermann (~> 1.0)
      rack (~> 2.0)
      rack-protection (= 2.0.0)
      tilt (~> 2.0)
    sinatra-contrib (2.0.0)
      backports (>= 2.0)
      multi_json
      mustermann (~> 1.0)
      rack-protection (= 2.0.0)
      sinatra (= 2.0.0)
      tilt (>= 1.3, < 3)
    sqlite3 (1.3.13)
    tilt (2.0.7)

PLATFORMS
  ruby

DEPENDENCIES
  pg
  puma
  sinatra
  sinatra-contrib
  sqlite3

BUNDLED WITH
   1.14.5
